PATH
  remote: .
  specs:
    aws-s3 (0.6.2.2)
      builder
      mime-types
      xml-simple

GEM
  remote: http://rubygems.org/
  specs:
    builder (3.0.0)
    mime-types (1.16)
    xml-simple (1.0.16)

PLATFORMS
  ruby

DEPENDENCIES
  aws-s3!
